GEM
  remote: https://rubygems.org/
  specs:
    connection_pool (2.4.1)
    power_assert (2.0.3)
    prettier_print (1.2.1)
    rake (13.1.0)
    syntax_tree (6.2.0)
      prettier_print (>= 1.2.0)
    test-unit (3.6.1)
      power_assert

PLATFORMS
  x86_64-linux

DEPENDENCIES
  connection_pool
  rake
  syntax_tree
  test-unit

BUNDLED WITH
   2.4.10
