GEM
  remote: https://rubygems.org/
  specs:
    connection_pool (2.4.1)
    erubi (1.12.0)
    netrc (0.11.0)
    parallel (1.23.0)
    prettier_print (1.2.1)
    rbi (0.1.1)
      sorbet-runtime (>= 0.5.9204)
      yarp (>= 0.11.0)
    sorbet (0.5.11068)
      sorbet-static (= 0.5.11068)
    sorbet-runtime (0.5.11068)
    sorbet-static (0.5.11068-x86_64-linux)
    sorbet-static-and-runtime (0.5.11068)
      sorbet (= 0.5.11068)
      sorbet-runtime (= 0.5.11068)
    spoom (1.2.4)
      erubi (>= 1.10.0)
      sorbet-static-and-runtime (>= 0.5.10187)
      syntax_tree (>= 6.1.1)
      thor (>= 0.19.2)
    syntax_tree (6.2.0)
      prettier_print (>= 1.2.0)
    tapioca (0.11.9)
      bundler (>= 2.2.25)
      netrc (>= 0.11.0)
      parallel (>= 1.21.0)
      rbi (~> 0.1.0, >= 0.1.0)
      sorbet-static-and-runtime (>= 0.5.10187)
      spoom (~> 1.2.0, >= 1.2.0)
      thor (>= 1.2.0)
      yard-sorbet
    thor (1.2.2)
    yard (0.9.34)
    yard-sorbet (0.8.1)
      sorbet-runtime (>= 0.5)
      yard (>= 0.9)
    yarp (0.13.0)

PLATFORMS
  x86_64-linux

DEPENDENCIES
  connection_pool
  sorbet-static
  tapioca

BUNDLED WITH
   2.4.10
